GEM
  remote: https://rubygems.org/
  specs:
    connection_pool (2.2.3)
    mustermann (1.0.1)
    puma (3.11.2)
    rack (2.1.4)
    rack-protection (2.0.0)
      rack
    redis (4.1.1)
    sidekiq (5.2.9)
      connection_pool (~> 2.2, >= 2.2.2)
      rack (~> 2.0)
      rack-protection (>= 1.5.0)
      redis (>= 3.3.5, < 4.2)
    sinatra (2.0.0)
      mustermann (~> 1.0)
      rack (~> 2.0)
      rack-protection (= 2.0.0)
      tilt (~> 2.0)
    tilt (2.0.8)

PLATFORMS
  ruby

DEPENDENCIES
  puma
  sidekiq (= 5.2.9)
  sinatra

BUNDLED WITH
   1.11.2
